GEM
  remote: http://rubygems.org/
  remote: http://gemcutter.org/
  specs:
    diff-lcs (1.2.4)
    rack (1.5.2)
    rack-protection (1.5.0)
      rack
    rspec (2.13.0)
      rspec-core (~> 2.13.0)
      rspec-expectations (~> 2.13.0)
      rspec-mocks (~> 2.13.0)
    rspec-core (2.13.1)
    rspec-expectations (2.13.0)
      diff-lcs (>= 1.1.3, < 2.0)
    rspec-mocks (2.13.1)
    sinatra (1.4.3)
      rack (~> 1.4)
      rack-protection (~> 1.4)
      tilt (~> 1.3, >= 1.3.4)
    tilt (1.4.1)
    value_struct (0.7.0)

PLATFORMS
  ruby

DEPENDENCIES
  rspec (~> 2.13)
  sinatra (~> 1.4)
  value_struct (~> 0.7)
